PATH
  remote: .
  specs:
    magic_players (0.1.0)

GEM
  remote: https://rubygems.org/
  specs:
    coderay (1.1.3)
    httparty (0.21.0)
      mini_mime (>= 1.0.0)
      multi_xml (>= 0.5.2)
    method_source (1.0.0)
    mini_mime (1.1.2)
    multi_xml (0.6.0)
    openssl (2.2.0)
    pry (0.13.1)
      coderay (~> 1.1)
      method_source (~> 1.0)
    rake (12.3.3)

PLATFORMS
  ruby

DEPENDENCIES
  bundler (~> 2.0)
  httparty (~> 0.21.0)
  magic_players!
  openssl (~> 2.2)
  pry (~> 0.13.1)
  rake (~> 12.0)

BUNDLED WITH
   2.0.1
