PATH
  remote: .
  specs:
    magic_players (0.1.0)

GEM
  remote: https://rubygems.org/
  specs:
    httparty (0.18.1)
      mime-types (~> 3.0)
      multi_xml (>= 0.5.2)
    mime-types (3.3.1)
      mime-types-data (~> 3.2015)
    mime-types-data (3.2020.0512)
    multi_xml (0.6.0)
    openssl (2.2.0)
    rake (12.3.3)

PLATFORMS
  ruby

DEPENDENCIES
  bundler (~> 2.0)
  httparty (~> 0.18.1)
  magic_players!
  openssl (~> 2.2)
  rake (~> 12.0)

BUNDLED WITH
   2.0.1
