PATH
  remote: .
  specs:
    magic_players (0.1.0)

GEM
  remote: https://rubygems.org/
  specs:
    openssl (2.2.0)
    rake (10.5.0)

PLATFORMS
  ruby

DEPENDENCIES
  bundler (~> 2.0)
  magic_players!
  openssl (~> 2.2)
  rake (~> 10.0)

BUNDLED WITH
   2.0.1
